PATH
  remote: .
  specs:
    dryrun (1.1.6)
      bundler (>= 1.16)
      colorize (>= 0.8)
      highline (>= 1.7)
      oga (>= 2.15)
      rjb (>= 1.5)

GEM
  remote: https://rubygems.org/
  specs:
    ansi (1.5.0)
    ast (2.4.0)
    byebug (10.0.2)
    coderay (1.1.2)
    colorize (0.8.1)
    diff-lcs (1.3)
    highline (1.7.10)
    method_source (0.9.0)
    oga (2.15)
      ast
      ruby-ll (~> 2.1)
    pry (0.11.3)
      coderay (~> 1.1.0)
      method_source (~> 0.9.0)
    pry-byebug (3.6.0)
      byebug (~> 10.0)
      pry (~> 0.10)
    rake (12.3.1)
    rjb (1.5.5)
    rspec (3.7.0)
      rspec-core (~> 3.7.0)
      rspec-expectations (~> 3.7.0)
      rspec-mocks (~> 3.7.0)
    rspec-core (3.7.1)
      rspec-support (~> 3.7.0)
    rspec-expectations (3.7.0)
      diff-lcs (>= 1.2.0, < 2.0)
      rspec-support (~> 3.7.0)
    rspec-mocks (3.7.0)
      diff-lcs (>= 1.2.0, < 2.0)
      rspec-support (~> 3.7.0)
    rspec-support (3.7.1)
    ruby-ll (2.1.2)
      ansi
      ast

PLATFORMS
  ruby

DEPENDENCIES
  dryrun!
  pry-byebug (>= 3.6)
  rake (>= 12.3)
  rspec (>= 3.7)

BUNDLED WITH
   1.16.1
